ObjectType = Image
NDims = 3
BinaryData = True
BinaryDataByteOrderMSB = False
CompressedData = False
TransformMatrix = 1 0 0 0 1 0 0 0 1
Offset = -100 -100 -1.5
CenterOfRotation = 0 0 0
AnatomicalOrientation = RAI
ElementSpacing = 0.78125 0.78125 3
DimSize = 256 256 1
ElementSize = 0.78125 0.78125 3
ElementType = MET_FLOAT
ElementDataFile = brukert2exptest.raw
