# === DATA DESCRIPTION FILE ======================================================
#
# CAUTION - Investigational device.
# Limited by Federal Law to investigational use.
#
# Dataset name: E:\Export\T2_Map_4_3
#
# CLINICAL TRYOUT             Research image export tool     V4.1
#
# === GENERAL INFORMATION ========================================================
#
.    Patient name                       :   Parameter_Map
.    Examination name                   :   Paramater_Map
.    Protocol name                      :   REC T2 Map S SENSE
.    Examination date/time              :   2008.04.03 / 13:08:02
.    Series Type                        :   Image   MRSERIES
.    Acquisition nr                     :   4
.    Reconstruction nr                  :   3
.    Scan Duration [sec]                :   34.6
.    Max. number of cardiac phases      :   1
.    Max. number of echoes              :   14
.    Max. number of slices/locations    :   1
.    Max. number of dynamics            :   1
.    Max. number of mixes               :   1
.    Patient position                   :   Head First Supine
.    Preparation direction              :   Anterior-Posterior
.    Technique                          :   TSE
.    Scan resolution  (x, y)            :   256  256
.    Scan mode                          :   MS
.    Repetition time [ms]               :   252.901  
.    FOV (ap,fh,rl) [mm]                :   230.000  4.000  230.000
.    Water Fat shift [pixels]           :   1.888
.    Angulation midslice(ap,fh,rl)[degr]:   0.000  0.000  0.000
.    Off Centre midslice(ap,fh,rl) [mm] :   -12.000  17.000  1.000
.    Flow compensation <0=no 1=yes> ?   :   0
.    Presaturation     <0=no 1=yes> ?   :   0
.    Phase encoding velocity [cm/sec]   :   0.000000  0.000000  0.000000
.    MTC               <0=no 1=yes> ?   :   0
.    SPIR              <0=no 1=yes> ?   :   0
.    EPI factor        <0,1=no EPI>     :   1
.    Dynamic scan      <0=no 1=yes> ?   :   0
.    Diffusion         <0=no 1=yes> ?   :   0
.    Diffusion echo time [ms]           :   0.0000
.    Max. number of diffusion values    :   1
.    Max. number of gradient orients    :   1
#
# === PIXEL VALUES =============================================================
#  PV = pixel value in REC file, FP = floating point value, DV = displayed value on console
#  RS = rescale slope,           RI = rescale intercept,    SS = scale slope
#  DV = PV * RS + RI             FP = DV / (RS * SS)
#
# === IMAGE INFORMATION DEFINITION =============================================
#  The rest of this file contains ONE line per image, this line contains the following information:
#
#  slice number                             (integer)
#  echo number                              (integer)
#  dynamic scan number                      (integer)
#  cardiac phase number                     (integer)
#  image_type_mr                            (integer)
#  scanning sequence                        (integer)
#  index in REC file (in images)            (integer)
#  image pixel size (in bits)               (integer)
#  scan percentage                          (integer)
#  recon resolution (x y)                   (2*integer)
#  rescale intercept                        (float)
#  rescale slope                            (float)
#  scale slope                              (float)
#  window center                            (integer)
#  window width                             (integer)
#  image angulation (ap,fh,rl in degrees )  (3*float)
#  image offcentre (ap,fh,rl in mm )        (3*float)
#  slice thickness (in mm )                 (float)
#  slice gap (in mm )                       (float)
#  image_display_orientation                (integer)
#  slice orientation ( TRA/SAG/COR )        (integer)
#  fmri_status_indication                   (integer)
#  image_type_ed_es  (end diast/end syst)   (integer)
#  pixel spacing (x,y) (in mm)              (2*float)
#  echo_time                                (float)
#  dyn_scan_begin_time                      (float)
#  trigger_time                             (float)
#  diffusion_b_factor                       (float)
#  number of averages                       (integer)
#  image_flip_angle (in degrees)            (float)
#  cardiac frequency   (bpm)                (integer)
#  minimum RR-interval (in ms)              (integer)
#  maximum RR-interval (in ms)              (integer)
#  TURBO factor  <0=no turbo>               (integer)
#  Inversion delay (in ms)                  (float)
#  diffusion b value number    (imagekey!)  (integer)
#  gradient orientation number (imagekey!)  (integer)
#  contrast type                            (string)
#  diffusion anisotropy type                (string)
#  diffusion (ap, fh, rl)                   (3*float)
#
# === IMAGE INFORMATION ==========================================================
# sl ec  dyn ph ty    idx pix scan%  rec size (re)scale                        window      angulation           offcentre               thick  gap    info    spacing       echo  dtime   ttime   diff    avg flip    freq  RR-int    turbo delay b grad cont anis diffusion

  1   1    1  1 3 1     0  16   100  256  256 -3142.00000   1.53455 6.51740e+002     0  6284   0.00   0.00   0.00  -12.00   17.00    1.00  4.000  0.000 0 1 0 2  0.898  0.898  8.00    0.00    0.00    0.00   1   90.00     0    0    0    14   0.0 1    1    7    0    0.000     0.000     0.000 
  1   1    1  1 0 1     1  16   100  256  256   0.00000  10.73284 5.54822e-003  1070  1860   0.00   0.00   0.00  -12.00   17.00    1.00  4.000  0.000 0 1 0 2  0.898  0.898  8.00    0.00    0.00    0.00   1   90.00     0    0    0    14   0.0 1    1    7    0    0.000     0.000     0.000 
  1   2    1  1 3 1     2  16   100  256  256 -3142.00000   1.53455 6.51740e+002     0  6284   0.00   0.00   0.00  -12.00   17.00    1.00  4.000  0.000 0 1 0 2  0.898  0.898 16.00    0.00    0.00    0.00   1   90.00     0    0    0    14   0.0 1    1    7    0    0.000     0.000     0.000 
  1   2    1  1 0 1     3  16   100  256  256   0.00000  10.73284 5.54822e-003  1151  2001   0.00   0.00   0.00  -12.00   17.00    1.00  4.000  0.000 0 1 0 2  0.898  0.898 16.00    0.00    0.00    0.00   1   90.00     0    0    0    14   0.0 1    1    7    0    0.000     0.000     0.000 
  1   3    1  1 0 1     4  16   100  256  256   0.00000  10.73284 5.54822e-003  1049  1824   0.00   0.00   0.00  -12.00   17.00    1.00  4.000  0.000 0 1 0 2  0.898  0.898 24.00    0.00    0.00    0.00   1   90.00     0    0    0    14   0.0 1    1    7    0    0.000     0.000     0.000 
  1   3    1  1 3 1     5  16   100  256  256 -3142.00000   1.53455 6.51740e+002     0  6284   0.00   0.00   0.00  -12.00   17.00    1.00  4.000  0.000 0 1 0 2  0.898  0.898 24.00    0.00    0.00    0.00   1   90.00     0    0    0    14   0.0 1    1    7    0    0.000     0.000     0.000 
  1   4    1  1 0 1     6  16   100  256  256   0.00000  10.73284 5.54822e-003   999  1736   0.00   0.00   0.00  -12.00   17.00    1.00  4.000  0.000 0 1 0 2  0.898  0.898 32.00    0.00    0.00    0.00   1   90.00     0    0    0    14   0.0 1    1   11    0    0.000     0.000     0.000 
  1   4    1  1 3 1     7  16   100  256  256 -3142.00000   1.53455 6.51740e+002     0  6284   0.00   0.00   0.00  -12.00   17.00    1.00  4.000  0.000 0 1 0 2  0.898  0.898 32.00    0.00    0.00    0.00   1   90.00     0    0    0    14   0.0 1    1   11    0    0.000     0.000     0.000 
  1   5    1  1 3 1     8  16   100  256  256 -3142.00000   1.53455 6.51740e+002     0  6284   0.00   0.00   0.00  -12.00   17.00    1.00  4.000  0.000 0 1 0 2  0.898  0.898 40.00    0.00    0.00    0.00   1   90.00     0    0    0    14   0.0 1    1   11    0    0.000     0.000     0.000 
  1   5    1  1 0 1     9  16   100  256  256   0.00000  10.73284 5.54822e-003   941  1636   0.00   0.00   0.00  -12.00   17.00    1.00  4.000  0.000 0 1 0 2  0.898  0.898 40.00    0.00    0.00    0.00   1   90.00     0    0    0    14   0.0 1    1   11    0    0.000     0.000     0.000 
  1   6    1  1 0 1    10  16   100  256  256   0.00000  10.73284 5.54822e-003   903  1569   0.00   0.00   0.00  -12.00   17.00    1.00  4.000  0.000 0 1 0 2  0.898  0.898 48.00    0.00    0.00    0.00   1   90.00     0    0    0    14   0.0 1    1   11    0    0.000     0.000     0.000 
  1   6    1  1 3 1    11  16   100  256  256 -3142.00000   1.53455 6.51740e+002     0  6284   0.00   0.00   0.00  -12.00   17.00    1.00  4.000  0.000 0 1 0 2  0.898  0.898 48.00    0.00    0.00    0.00   1   90.00     0    0    0    14   0.0 1    1   11    0    0.000     0.000     0.000 
  1   7    1  1 3 1    12  16   100  256  256 -3142.00000   1.53455 6.51740e+002     0  6284   0.00   0.00   0.00  -12.00   17.00    1.00  4.000  0.000 0 1 0 2  0.898  0.898 56.00    0.00    0.00    0.00   1   90.00     0    0    0    14   0.0 1    1   11    0    0.000     0.000     0.000 
  1   7    1  1 0 1    13  16   100  256  256   0.00000  10.73284 5.54822e-003   857  1491   0.00   0.00   0.00  -12.00   17.00    1.00  4.000  0.000 0 1 0 2  0.898  0.898 56.00    0.00    0.00    0.00   1   90.00     0    0    0    14   0.0 1    1   11    0    0.000     0.000     0.000 
  1   8    1  1 0 1    14  16   100  256  256   0.00000  10.73284 5.54822e-003   810  1408   0.00   0.00   0.00  -12.00   17.00    1.00  4.000  0.000 0 1 0 2  0.898  0.898 64.00    0.00    0.00    0.00   1   90.00     0    0    0    14   0.0 1    1   11    0    0.000     0.000     0.000 
  1   8    1  1 3 1    15  16   100  256  256 -3142.00000   1.53455 6.51740e+002     0  6284   0.00   0.00   0.00  -12.00   17.00    1.00  4.000  0.000 0 1 0 2  0.898  0.898 64.00    0.00    0.00    0.00   1   90.00     0    0    0    14   0.0 1    1   11    0    0.000     0.000     0.000 
  1   9    1  1 3 1    16  16   100  256  256 -3142.00000   1.53455 6.51740e+002     0  6284   0.00   0.00   0.00  -12.00   17.00    1.00  4.000  0.000 0 1 0 2  0.898  0.898 72.00    0.00    0.00    0.00   1   90.00     0    0    0    14   0.0 1    1   11    0    0.000     0.000     0.000 
  1   9    1  1 0 1    17  16   100  256  256   0.00000  10.73284 5.54822e-003   780  1355   0.00   0.00   0.00  -12.00   17.00    1.00  4.000  0.000 0 1 0 2  0.898  0.898 72.00    0.00    0.00    0.00   1   90.00     0    0    0    14   0.0 1    1   11    0    0.000     0.000     0.000 
  1  10    1  1 0 1    18  16   100  256  256   0.00000  10.73284 5.54822e-003   743  1291   0.00   0.00   0.00  -12.00   17.00    1.00  4.000  0.000 0 1 0 2  0.898  0.898 80.00    0.00    0.00    0.00   1   90.00     0    0    0    14   0.0 1    1   11    0    0.000     0.000     0.000 
  1  10    1  1 3 1    19  16   100  256  256 -3142.00000   1.53455 6.51740e+002     0  6284   0.00   0.00   0.00  -12.00   17.00    1.00  4.000  0.000 0 1 0 2  0.898  0.898 80.00    0.00    0.00    0.00   1   90.00     0    0    0    14   0.0 1    1   11    0    0.000     0.000     0.000 
  1  11    1  1 0 1    20  16   100  256  256   0.00000  10.73284 5.54822e-003   707  1229   0.00   0.00   0.00  -12.00   17.00    1.00  4.000  0.000 0 1 0 2  0.898  0.898 88.00    0.00    0.00    0.00   1   90.00     0    0    0    14   0.0 1    1   11    0    0.000     0.000     0.000 
  1  11    1  1 3 1    21  16   100  256  256 -3142.00000   1.53455 6.51740e+002     0  6284   0.00   0.00   0.00  -12.00   17.00    1.00  4.000  0.000 0 1 0 2  0.898  0.898 88.00    0.00    0.00    0.00   1   90.00     0    0    0    14   0.0 1    1   11    0    0.000     0.000     0.000 
  1  12    1  1 0 1    22  16   100  256  256   0.00000  10.73284 5.54822e-003   673  1170   0.00   0.00   0.00  -12.00   17.00    1.00  4.000  0.000 0 1 0 2  0.898  0.898 96.00    0.00    0.00    0.00   1   90.00     0    0    0    14   0.0 1    1   11    0    0.000     0.000     0.000 
  1  12    1  1 3 1    23  16   100  256  256 -3142.00000   1.53455 6.51740e+002     0  6284   0.00   0.00   0.00  -12.00   17.00    1.00  4.000  0.000 0 1 0 2  0.898  0.898 96.00    0.00    0.00    0.00   1   90.00     0    0    0    14   0.0 1    1   11    0    0.000     0.000     0.000 
  1  13    1  1 3 1    24  16   100  256  256 -3142.00000   1.53455 6.51740e+002     0  6284   0.00   0.00   0.00  -12.00   17.00    1.00  4.000  0.000 0 1 0 2  0.898  0.898 104.00    0.00    0.00    0.00   1   90.00     0    0    0    14   0.0 1    1   11    0    0.000     0.000     0.000 
  1  13    1  1 0 1    25  16   100  256  256   0.00000  10.73284 5.54822e-003   631  1097   0.00   0.00   0.00  -12.00   17.00    1.00  4.000  0.000 0 1 0 2  0.898  0.898 104.00    0.00    0.00    0.00   1   90.00     0    0    0    14   0.0 1    1   11    0    0.000     0.000     0.000 
  1  14    1  1 0 1    26  16   100  256  256   0.00000  10.73284 5.54822e-003   614  1068   0.00   0.00   0.00  -12.00   17.00    1.00  4.000  0.000 0 1 0 2  0.898  0.898 112.00    0.00    0.00    0.00   1   90.00     0    0    0    14   0.0 1    1   11    0    0.000     0.000     0.000 
  1  14    1  1 3 1    27  16   100  256  256 -3142.00000   1.53455 6.51740e+002     0  6284   0.00   0.00   0.00  -12.00   17.00    1.00  4.000  0.000 0 1 0 2  0.898  0.898 112.00    0.00    0.00    0.00   1   90.00     0    0    0    14   0.0 1    1   11    0    0.000     0.000     0.000 

# === END OF DATA DESCRIPTION FILE ===============================================
