##TITLE=Parameter List
##JCAMPDX=4.24
##DATATYPE=Parameter Values
##ORIGIN= Bruker Medizintechnik GMBH
##OWNER=rer
$$ Fri Feb 13 15:13:30 2004 EST (UT-5h)  rer
$$ /data2/data/rer/nmr/DCB021304.oj1/1/acqp
##$PULPROG=( 16 )
<gefi_tomo.ppg>
##$GRDPROG=( 16 )
<gefi_tomo>
##$ACQ_experiment_mode=SingleExperiment
##$ACQ_user_filter=No
##$ACQ_DS_enabled=No
##$ACQ_dim=2
##$ACQ_dim_desc=( 2 )
Spatial Spatial
##$ACQ_size=( 2 )
1024 256
##$ACQ_ns_list_size=1
##$ACQ_ns=1
##$ACQ_phase_factor=1
##$ACQ_scan_size=One_scan
##$NI=3
##$NA=1
##$NAE=1
##$NR=1
##$DS=31
##$D=( 32 )
0.001593147 0.000000000 0.000000000 0.000000000 0.000200000 0.000000000 
0.001007360 
0.001000000 0.000025000 0.000000000 0.000000000 0.000000000 0.000000000 
0.000000000 
0.000000000 0.000000000 0.002000000 0.002000000 0.000000000 0.000000000 
0.001793147 
0.000200000 0.000000000 0.000000000 0.000010000 0.000000000 0.000100000 
0.000000000 
0.000000000 0.000000000 0.000000000 0.000000000
##$P=( 32 )
0 3200 0 0 0 0 0 0 0 0 0 0 0 0 0 0 0 0 0 0 0 0 0 0 0 0 0 0 0 0 0 0
##$PL=( 32 )
0 120 120 0 0 0 0 0 0 0 0 0 0 0 0 0 0 0 0 0 0 0 0 0 0 0 0 0 0 0 0 0
##$TPQQ=( 8 )
(<gauss>, 26.2871, 0) (<>, 150, 0) (<>, 150, 0) (<>, 150, 0) (<>, 150, 0) (<>,
 150, 0) (<>, 150, 0) (<>, 150, 0)
##$DPQQ=( 8 )
(<>, 50, 0) (<>, 0, 0) (<>, 0, 0) (<>, 0, 0) (<>, 0, 0) (<>, 0, 0) (<>, 0, 0) 
(<>, 0, 0)
##$SW_h=57471.26
##$SW=458.152
##$FW=625000.00
##$RG=2695.44
##$AQ_mod=qdig
##$DR=17
##$PAPS=CP
##$PH_ref=0
##$ACQ_BF_enable=Yes
##$BF1=125.4415238
##$SFO1=125.4415238
##$O1=0.000000
##$ACQ_O1_list_size=3
##$ACQ_O1_list=( 3 )
41250.000000 0.000000 0.000000
##$ACQ_O1B_list_size=3
##$ACQ_O1B_list=( 3 )
0.000000 17241.379310 17241.379310
##$BF2=125.4415238
##$SFO2=125.4415238
##$O2=0.000000
##$ACQ_O2_list_size=1
##$ACQ_O2_list=( 1 )
0.000000
##$BF3=125.4415238
##$SFO3=125.4415238
##$O3=0.000000
##$ACQ_O3_list_size=1
##$ACQ_O3_list=( 1 )
0.000000
##$BF4=125.4415298
##$SFO4=125.4415298
##$O4=0.000000
##$BF5=125.4415298
##$SFO5=125.4415298
##$O5=0.000000
##$BF6=125.4415298
##$SFO6=125.4415298
##$O6=0.000000
##$BF7=125.4415298
##$SFO7=125.4415298
##$O7=0.000000
##$BF8=125.4415298
##$SFO8=125.4415298
##$O8=0.000000
##$NUC1=( 8 )
<1H>
##$NUC2=( 8 )
<off>
##$NUC3=( 8 )
<off>
##$NUC4=( 8 )
<off>
##$NUC5=( 8 )
<off>
##$NUC6=( 8 )
<off>
##$NUC7=( 8 )
<off>
##$NUC8=( 8 )
<off>
##$NUCLEUS=( 8 )
<1H>
##$L=( 32 )
0 0 0 0 0 0 0 0 0 0 0 0 0 0 0 0 0 1 0 0 0 0 0 0 0 0 1 0 0 0 0 0
##$ACQ_vd_list_size=1
##$ACQ_vd_list=( 1 )
0.000100000
##$ACQ_vp_list_size=0
##$ACQ_status=( 20 )
<SK330>
##$ACQ_protocol_location=( 40 )
<B_MEDSPEC>
##$ACQ_protocol_name=( 40 )
<GEFI_TriPilot>
##$ACQ_scan_name=( 64 )
<GEFI_TriPilot>
##$ACQ_method=( 20 )
<GEFI_TOMO>
##$ACQ_completed=Yes
##$ACQ_scans_completed=0
##$ACQ_nr_completed=1
##$ACQ_total_completed=768
##$ACQ_word_size=_32_BIT
##$NECHOES=1
##$ACQ_fov=( 2 )
50.00 25.00
##$ACQ_read_ext=2
##$ACQ_slice_angle=( 3 )
0.00 90.00 90.00
##$ACQ_slice_orient=Arbitrary_Oblique
##$ACQ_patient_pos=Head_Supine
##$ACQ_read_offset=( 3 )
0.000 0.000 0.000
##$ACQ_phase1_offset=( 3 )
0.000 0.000 0.000
##$ACQ_phase2_offset=( 3 )
0.000 0.000 0.000
##$ACQ_slice_sepn=( 2 )
0.00 0.00
##$ACQ_slice_sepn_mode=Var_Angle
##$ACQ_slice_thick=4.000
##$ACQ_slice_offset=( 3 )
0.000 0.000 0.000
##$ACQ_obj_order=( 3 )
0 2 1
##$ACQ_flip_angle=50
##$ACQ_echo_time=( 1 )
6.000
##$ACQ_inter_echo_time=( 1 )
6.000
##$ACQ_recov_time=( 1 )
65
##$ACQ_repetition_time=( 1 )
65
##$ACQ_scan_time=0
##$ACQ_inversion_time=( 1 )
0.000
##$ACQ_time=( 24 )
<15:13:05 13 Feb 2004>
##$ACQ_abs_time=1076703185
##$ACQ_operator=( 16 )
<rer>
##$ACQ_transmitter_coil=( 16 )
<Code: 15>
##$ACQ_trigger_enable=No
##$ACQ_institution=( 48 )
<Hershey Medical Center>
##$ACQ_station=( 16 )
<MEDSPEC S300>
##$ACQ_sw_version=( 16 )
<PV 2.1.1>
##$ACQ_calib_date=( 24 )
<11:54:32 13 Feb 2004>
##$Coil_operation=Single_Coil
##$Coil_prechan=4
##$Coil1Refl=5.56268e-309
##$Coil2Refl=0
##$BYTORDA=big
##$INSTRUM=( 16 )
<MEDSPEC S300>
##$FQ1LIST=( 16 )
<ACQ_O1_list>
##$FQ2LIST=( 16 )
<ACQ_O2_list>
##$FQ3LIST=( 16 )
<ACQ_O3_list>
##$FQ8LIST=( 16 )
<ACQ_O1B_list>
##$SP=( 16 )
26.2871 150 150 150 150 150 150 150 50 0 0 0 0 0 0 0
##$SPOFFS=( 16 )
0 0 0 0 0 0 0 0 0 0 0 0 0 0 0 0
##$SPNAM0=( 16 )
<gauss>
##$SPNAM1=( 16 )
<>
##$SPNAM2=( 16 )
<>
##$SPNAM3=( 16 )
<>
##$SPNAM4=( 16 )
<>
##$SPNAM5=( 16 )
<>
##$SPNAM6=( 16 )
<>
##$SPNAM7=( 16 )
<>
##$SPNAM8=( 16 )
<>
##$SPNAM9=( 16 )
<>
##$SPNAM10=( 16 )
<>
##$SPNAM11=( 16 )
<>
##$SPNAM12=( 16 )
<>
##$SPNAM13=( 16 )
<>
##$SPNAM14=( 16 )
<>
##$SPNAM15=( 16 )
<>
##$HPPRGN=normal
##$LOCNUC=( 8 )
<off>
##$SOLVENT=( 16 )
<>
##$DIGMOD=digital_mode
##$DIGTYP=_HADC_HRD16_2
##$DQDMODE=DQDMODE_add
##$DSPFIRM=DSP_medium
##$DECIM=12
##$DSPFVS=15
##$ACQ_scan_shift=-28
##$DE=6.0000000
##$FCUCHAN=( 10 )
0 1 0 0 0 0 0 0 0 0
##$RSEL=( 10 )
0 2 0 0 0 0 0 0 0 0
##$SWIBOX=( 16 )
0 0 3 3 0 0 0 0 0 0 0 0 0 0 0 0
##$PRECHAN=( 16 )
5 5 5 4 5 5 5 5 5 5 5 5 5 5 5 5
##$OBSCHAN=( 10 )
0 1 0 0 0 0 0 0 0 0
##$ACQ_2nd_preamp=No_Second_Preamp
##$ACQ_n_trim=11
##$ACQ_trim=( 11, 3 )
22.541 22.541 22.541 -34.107 -34.107 -34.107 29.402 29.402 29.402 -29.402 
-29.402 
-29.402 -21.1333 -21.1333 -21.1333 9.42152 9.42152 9.42152 0 0 0 0 0 0 0 0 0 
0 
0 0 22.541 22.541 22.541
##$ACQ_scaling_read=0.0942
##$ACQ_scaling_phase=0.0942
##$ACQ_scaling_slice=0.2254
##$ACQ_grad_matrix=( 3, 3, 3 )
1 0 0 0 1 0 0 0 1 0 0 1 1 0 0 0 1 0 0 0 1 0 1 0 1 0 0
##$NSLICES=3
##$ACQ_rare_factor=1
##$ACQ_phase_encoding_mode=( 2 )
Read Linear
##$ACQ_phase_enc_start=( 2 )
0.00 -1.00
##$GS_dim=1
##$GS_disp_update=Each_PE_Step
##$GS_online_reco=Yes
##$GS_reco_display=Yes
##$GS_image_type=MAGNITUDE_IMAGE
##$GS_typ=Spectrometer_Parameters
##$GS_auto_name=( 32 )
<AUTO_rg>
##$GS_info_dig_filling=Yes
##$GS_info_normalized_area=Of_raw_data
##$GS_info_max_point=Of_raw_data
##$GS_get_info_points=No_info
##$GS_continue=Exit_gsauto
##$GO_init_files=No
##$GO_data_save=Yes
##$GO_disp_update=Each_Accum
##$GO_online_reco=Yes
##$GO_reco_display=Yes
##$GO_reco_each_nr=No
##$GO_max_reco_mem=0
##$GO_time_est=Yes
##$GO_use_macro=No
##END=
